GEM
  remote: https://rubygems.org/
  specs:
    coderay (1.1.2)
    httparty (0.17.1)
      mime-types (~> 3.0)
      multi_xml (>= 0.5.2)
    method_source (0.9.2)
    mime-types (3.3)
      mime-types-data (~> 3.2015)
    mime-types-data (3.2019.1009)
    multi_xml (0.6.0)
    pry (0.12.2)
      coderay (~> 1.1.0)
      method_source (~> 0.9.0)
    require_all (2.0.0)

PLATFORMS
  ruby

DEPENDENCIES
  httparty
  pry
  require_all

BUNDLED WITH
   2.0.2
